GEM
  remote: https://rubygems.org/
  specs:
    dotenv (2.0.2)
    foreman (0.78.0)
      thor (~> 0.19.1)
    json (1.8.3)
    passenger (5.0.15)
      rack
      rake (>= 0.8.1)
    pg (0.18.2)
    rack (1.6.4)
    rack-livereload (0.3.16)
      rack
    rack-protection (1.5.3)
      rack
    rake (10.4.2)
    redcarpet (3.3.2)
    require_all (1.3.2)
    sequel (4.24.0)
    shotgun (0.9.1)
      rack (>= 1.0)
    sinatra (1.4.6)
      rack (~> 1.4)
      rack-protection (~> 1.4)
      tilt (>= 1.3, < 3)
    slim (3.0.6)
      temple (~> 0.7.3)
      tilt (>= 1.3.3, < 2.1)
    temple (0.7.6)
    thor (0.19.1)
    tilt (2.0.1)

PLATFORMS
  ruby

DEPENDENCIES
  dotenv
  foreman
  json
  passenger
  pg
  rack-livereload
  rake
  redcarpet
  require_all
  sequel
  shotgun
  sinatra
  slim

BUNDLED WITH
   1.10.5
