GEM
  remote: https://rubygems.org/
  specs:
    backports (3.6.5)
    dotenv (2.0.2)
    foreman (0.78.0)
      thor (~> 0.19.1)
    json (1.8.3)
    multi_json (1.11.2)
    rack (1.6.4)
    rack-livereload (0.3.16)
      rack
    rack-protection (1.5.3)
      rack
    rack-test (0.6.3)
      rack (>= 1.0)
    rake (10.4.2)
    require_all (1.3.2)
    sequel (4.24.0)
    shotgun (0.9.1)
      rack (>= 1.0)
    sinatra (1.4.6)
      rack (~> 1.4)
      rack-protection (~> 1.4)
      tilt (>= 1.3, < 3)
    sinatra-contrib (1.4.6)
      backports (>= 2.0)
      multi_json
      rack-protection
      rack-test
      sinatra (~> 1.4.0)
      tilt (>= 1.3, < 3)
    slim (3.0.6)
      temple (~> 0.7.3)
      tilt (>= 1.3.3, < 2.1)
    temple (0.7.6)
    thor (0.19.1)
    tilt (2.0.1)

PLATFORMS
  ruby

DEPENDENCIES
  dotenv
  foreman
  json
  rack-livereload
  rake
  require_all
  sequel
  shotgun
  sinatra
  sinatra-contrib
  slim

BUNDLED WITH
   1.10.5
